GEM
  remote: https://rubygems.org/
  specs:
    ruby-progressbar (1.13.0)
    ruby-xz (1.0.3)

PLATFORMS
  x86_64-linux

DEPENDENCIES
  ruby-progressbar (~> 1.13)
  ruby-xz (~> 1.0)

BUNDLED WITH
   2.4.8
